GEM
  remote: https://rubygems.org/
  specs:
    tofu (0.3.4)
    webrick (1.7.0)

PLATFORMS
  x86_64-darwin-20

DEPENDENCIES
  tofu
  webrick

RUBY VERSION
   ruby 3.0.0p0

BUNDLED WITH
   2.2.13
